GEM
  remote: https://rubygems.org/
  specs:
    backports (3.16.0)
    coderay (1.1.2)
    method_source (0.9.2)
    minitest (5.14.4)
    nmatrix (0.2.4)
      packable (~> 1.3, >= 1.3.5)
    packable (1.3.10)
      backports
    pry (0.12.2)
      coderay (~> 1.1.0)
      method_source (~> 0.9.0)

PLATFORMS
  ruby

DEPENDENCIES
  minitest
  nmatrix
  pry

BUNDLED WITH
   2.1.4
